GEM
  remote: https://rubygems.org/
  specs:
    coderay (1.1.0)
    faraday (0.9.1)
      multipart-post (>= 1.2, < 3)
    faraday_middleware (0.9.1)
      faraday (>= 0.7.4, < 0.10)
    hashie (3.0.0)
    httparty (0.13.3)
      json (~> 1.8)
      multi_xml (>= 0.5.2)
    inflection (1.0.0)
    json (1.8.2)
    method_source (0.8.2)
    mime-types (2.4.3)
    multi_json (1.10.1)
    multi_xml (0.5.5)
    multipart-post (2.0.0)
    netrc (0.7.9)
    pry (0.10.1)
      coderay (~> 1.1.0)
      method_source (~> 0.8.1)
      slop (~> 3.4)
    rest_client (1.8.3)
      netrc (~> 0.7.7)
    restforce (1.5.1)
      faraday (~> 0.9.0)
      faraday_middleware (>= 0.8.8)
      hashie (>= 1.2.0, < 4.0)
      json (>= 1.7.5, < 1.9.0)
    slop (3.6.0)
    typeform (0.0.2)
      hashie (~> 3.0.0)
      httparty
      json
    zendesk_api (1.5.1)
      faraday (~> 0.9)
      hashie (>= 1.2, < 4.0)
      inflection
      mime-types
      multi_json
      multipart-post (~> 2.0)

PLATFORMS
  ruby

DEPENDENCIES
  json
  pry
  rest_client
  restforce
  typeform
  zendesk_api
